GIT
  remote: git://github.com/camsys/translation_engine.git
  revision: 5b54db80c1ba146205696809c2d6cec3d3fd19f9
  specs:
    translation_engine (3.6.4)
      honeybadger
      i18n-active_record
      pg
      rails (~> 4.1.0)
      sass-rails
      simple_form

GIT
  remote: git://github.com/phatworx/devise_security_extension.git
  revision: 2132a72dad0cfec5956ba64463c7a1a70ffe8e61
  ref: 2132a72d
  specs:
    devise_security_extension (0.10.0)
      devise (>= 3.0.0, < 4.0)
      rails (>= 3.2.6, < 5.0)

GIT
  remote: git://github.com/xudongcamsys/rails-fullcalendar-resourceviews.git
  revision: 54ee9a29d1f49ffc5a5e242e07c536d13b3c8eab
  specs:
    rails-fullcalendar-resourceviews (1.6.5.7)
      jquery-rails

GIT
  remote: git://github.com/zpearce/Schedule-Attributes.git
  revision: babf55d9b5cd8f56456e1e2a33916e809f7c4e28
  specs:
    schedule_atts (0.0.1)
      activesupport
      ice_cube (>= 0.6.4)

GEM
  remote: https://rubygems.org/
  specs:
    actionmailer (4.1.12)
      actionpack (= 4.1.12)
      actionview (= 4.1.12)
      mail (~> 2.5, >= 2.5.4)
    actionpack (4.1.12)
      actionview (= 4.1.12)
      activesupport (= 4.1.12)
      rack (~> 1.5.2)
      rack-test (~> 0.6.2)
    actionview (4.1.12)
      activesupport (= 4.1.12)
      builder (~> 3.1)
      erubis (~> 2.7.0)
    activemodel (4.1.12)
      activesupport (= 4.1.12)
      builder (~> 3.1)
    activerecord (4.1.12)
      activemodel (= 4.1.12)
      activesupport (= 4.1.12)
      arel (~> 5.0.0)
    activerecord-postgis-adapter (2.2.2)
      activerecord (>= 4.0.0, < 4.2.0)
      rgeo-activerecord (~> 1.2)
    activesupport (4.1.12)
      i18n (~> 0.6, >= 0.6.9)
      json (~> 1.7, >= 1.7.7)
      minitest (~> 5.1)
      thread_safe (~> 0.1)
      tzinfo (~> 1.1)
    addressable (2.3.8)
    arel (5.0.1.20140414130214)
    attribute_normalizer (1.2.0)
    autoprefixer-rails (5.2.1.1)
      execjs
      json
    aws-sdk (2.1.11)
      aws-sdk-resources (= 2.1.11)
    aws-sdk-core (2.1.11)
      jmespath (~> 1.0)
    aws-sdk-resources (2.1.11)
      aws-sdk-core (= 2.1.11)
    bcrypt (3.1.10)
    better_errors (2.1.1)
      coderay (>= 1.0.0)
      erubis (>= 2.6.6)
      rack (>= 0.9.0)
    binding_of_caller (0.7.2)
      debug_inspector (>= 0.0.1)
    bootstrap-sass (3.3.5)
      autoprefixer-rails (>= 5.0.0.1)
      sass (>= 3.2.19)
    builder (3.2.2)
    byebug (5.0.0)
      columnize (= 0.9.0)
    cancancan (1.10.1)
    capybara (2.4.4)
      mime-types (>= 1.16)
      nokogiri (>= 1.3.3)
      rack (>= 1.0.0)
      rack-test (>= 0.5.4)
      xpath (~> 2.0)
    celluloid (0.16.0)
      timers (~> 4.0.0)
    childprocess (0.5.6)
      ffi (~> 1.0, >= 1.0.11)
    chronic (0.10.2)
    climate_control (0.0.3)
      activesupport (>= 3.0)
    cliver (0.3.2)
    cocaine (0.5.7)
      climate_control (>= 0.0.3, < 1.0)
    coderay (1.1.0)
    coffee-rails (4.0.1)
      coffee-script (>= 2.2.0)
      railties (>= 4.0.0, < 5.0)
    coffee-script (2.4.1)
      coffee-script-source
      execjs
    coffee-script-source (1.9.1.1)
    columnize (0.9.0)
    connection_pool (2.2.0)
    css_splitter (0.4.1)
      sprockets (>= 2.0.0)
    database_cleaner (1.4.1)
    debug_inspector (0.0.2)
    devise (3.4.1)
      bcrypt (~> 3.0)
      orm_adapter (~> 0.1)
      railties (>= 3.2.6, < 5)
      responders
      thread_safe (~> 0.1)
      warden (~> 1.2.3)
    devise_account_expireable (0.0.2)
      devise (>= 2.0.4)
      rails (>= 3.2)
    diff-lcs (1.2.5)
    erubis (2.7.0)
    exception_notification (4.1.1)
      actionmailer (>= 3.0.4)
      activesupport (>= 3.0.4)
    execjs (2.5.2)
    factory_girl (4.5.0)
      activesupport (>= 3.0.0)
    factory_girl_rails (4.5.0)
      factory_girl (~> 4.5.0)
      railties (>= 3.0.0)
    faker (1.4.3)
      i18n (~> 0.5)
    ffi (1.9.10)
    figaro (1.1.1)
      thor (~> 0.14)
    font-awesome-rails (4.4.0.0)
      railties (>= 3.2, < 5.0)
    haml (4.0.6)
      tilt
    hike (1.2.3)
    hitimes (1.2.2)
    honeybadger (2.1.3)
    i18n (0.7.0)
    i18n-active_record (0.0.2)
      i18n (>= 0.5.0)
    ice_cube (0.6.14)
    jc-validates_timeliness (3.1.1)
      timeliness (~> 0.3.7)
    jmespath (1.0.2)
      multi_json (~> 1.0)
    jquery-datatables-rails (3.3.0)
      actionpack (>= 3.1)
      jquery-rails
      railties (>= 3.1)
      sass-rails
    jquery-rails (3.1.3)
      railties (>= 3.0, < 5.0)
      thor (>= 0.14, < 2.0)
    json (1.8.3)
    kgio (2.9.3)
    launchy (2.4.3)
      addressable (~> 2.3)
    letter_opener (1.4.1)
      launchy (~> 2.2)
    libv8 (3.16.14.11)
    mail (2.6.3)
      mime-types (>= 1.16, < 3)
    mime-types (2.6.1)
    mimemagic (0.3.0)
    mini_portile (0.6.2)
    minitest (5.7.0)
    multi_json (1.11.2)
    nokogiri (1.6.6.2)
      mini_portile (~> 0.6.0)
    orm_adapter (0.5.0)
    paper_trail (4.0.0)
      activerecord (>= 3.0, < 6.0)
      activesupport (>= 3.0, < 6.0)
      request_store (~> 1.1)
    paperclip (4.3.0)
      activemodel (>= 3.2.0)
      activesupport (>= 3.2.0)
      cocaine (~> 0.5.5)
      mime-types
      mimemagic (= 0.3.0)
    paranoia (2.1.3)
      activerecord (~> 4.0)
    pg (0.18.2)
    poltergeist (1.6.0)
      capybara (~> 2.1)
      cliver (~> 0.3.1)
      multi_json (~> 1.0)
      websocket-driver (>= 0.2.0)
    rack (1.5.5)
    rack-test (0.6.3)
      rack (>= 1.0)
    rack-timeout (0.2.4)
    rails (4.1.12)
      actionmailer (= 4.1.12)
      actionpack (= 4.1.12)
      actionview (= 4.1.12)
      activemodel (= 4.1.12)
      activerecord (= 4.1.12)
      activesupport (= 4.1.12)
      bundler (>= 1.3.0, < 2.0)
      railties (= 4.1.12)
      sprockets-rails (~> 2.0)
    rails-jquery-autocomplete (1.0.1)
      rails (>= 3.2)
    rails-settings-cached (0.4.1)
      rails (>= 4.0.0)
    rails_12factor (0.0.3)
      rails_serve_static_assets
      rails_stdout_logging
    rails_serve_static_assets (0.0.4)
    rails_stdout_logging (0.0.3)
    railties (4.1.12)
      actionpack (= 4.1.12)
      activesupport (= 4.1.12)
      rake (>= 0.8.7)
      thor (>= 0.18.1, < 2.0)
    raindrops (0.15.0)
    rake (10.4.2)
    rdoc (4.2.0)
    redis (3.2.1)
    redis-actionpack (4.0.0)
      actionpack (~> 4)
      redis-rack (~> 1.5.0)
      redis-store (~> 1.1.0)
    redis-activesupport (4.1.0)
      activesupport (~> 4)
      redis-store (~> 1.1.0)
    redis-namespace (1.5.2)
      redis (~> 3.0, >= 3.0.4)
    redis-rack (1.5.0)
      rack (~> 1.5)
      redis-store (~> 1.1.0)
    redis-rails (4.0.0)
      redis-actionpack (~> 4)
      redis-activesupport (~> 4)
      redis-store (~> 1.1.0)
    redis-store (1.1.6)
      redis (>= 2.2)
    ref (2.0.0)
    remotipart (1.2.1)
    request_store (1.2.0)
    responders (1.1.2)
      railties (>= 3.2, < 4.2)
    rgeo (0.3.20)
    rgeo-activerecord (1.2.0)
      activerecord (~> 4.0)
      rgeo (~> 0.3)
    rspec-core (3.3.2)
      rspec-support (~> 3.3.0)
    rspec-expectations (3.3.1)
      diff-lcs (>= 1.2.0, < 2.0)
      rspec-support (~> 3.3.0)
    rspec-mocks (3.3.2)
      diff-lcs (>= 1.2.0, < 2.0)
      rspec-support (~> 3.3.0)
    rspec-rails (3.3.3)
      actionpack (>= 3.0, < 4.3)
      activesupport (>= 3.0, < 4.3)
      railties (>= 3.0, < 4.3)
      rspec-core (~> 3.3.0)
      rspec-expectations (~> 3.3.0)
      rspec-mocks (~> 3.3.0)
      rspec-support (~> 3.3.0)
    rspec-support (3.3.0)
    rubyzip (1.1.7)
    sass (3.2.19)
    sass-rails (4.0.5)
      railties (>= 4.0.0, < 5.0)
      sass (~> 3.2.2)
      sprockets (~> 2.8, < 3.0)
      sprockets-rails (~> 2.0)
    sdoc (0.4.1)
      json (~> 1.7, >= 1.7.7)
      rdoc (~> 4.0)
    selenium-webdriver (2.47.1)
      childprocess (~> 0.5)
      multi_json (~> 1.0)
      rubyzip (~> 1.0)
      websocket (~> 1.0)
    sidekiq (3.4.2)
      celluloid (~> 0.16.0)
      connection_pool (~> 2.2, >= 2.2.0)
      json (~> 1.0)
      redis (~> 3.2, >= 3.2.1)
      redis-namespace (~> 1.5, >= 1.5.2)
    simple_form (3.1.0)
      actionpack (~> 4.0)
      activemodel (~> 4.0)
    spring (1.3.6)
    spring-commands-rspec (1.0.4)
      spring (>= 0.9.1)
    sprockets (2.12.4)
      hike (~> 1.2)
      multi_json (~> 1.0)
      rack (~> 1.0)
      tilt (~> 1.1, != 1.3.0)
    sprockets-rails (2.3.2)
      actionpack (>= 3.0)
      activesupport (>= 3.0)
      sprockets (>= 2.8, < 4.0)
    therubyracer (0.12.2)
      libv8 (~> 3.16.14.0)
      ref
    thor (0.19.1)
    thread_safe (0.3.5)
    tilt (1.4.1)
    timecop (0.8.0)
    timeliness (0.3.7)
    timers (4.0.1)
      hitimes
    tzinfo (1.2.2)
      thread_safe (~> 0.1)
    uglifier (2.7.1)
      execjs (>= 0.3.0)
      json (>= 1.8.0)
    unicorn (4.9.0)
      kgio (~> 2.6)
      rack
      raindrops (~> 0.7)
    warden (1.2.3)
      rack (>= 1.0)
    websocket (1.2.2)
    websocket-driver (0.6.2)
      websocket-extensions (>= 0.1.0)
    websocket-extensions (0.1.2)
    whenever (0.9.4)
      chronic (>= 0.6.3)
    will_paginate (3.0.7)
    xpath (2.0.0)
      nokogiri (~> 1.3)

PLATFORMS
  ruby

DEPENDENCIES
  activerecord-postgis-adapter (~> 2.2.1)
  attribute_normalizer (~> 1.2.0)
  aws-sdk (~> 2.1.8)
  better_errors
  binding_of_caller
  bootstrap-sass (~> 3.3.5)
  byebug
  cancancan (~> 1.10.1)
  capybara (~> 2.4)
  coffee-rails (~> 4.0.0)
  css_splitter
  database_cleaner (~> 1.4)
  devise (~> 3.4.1)
  devise_account_expireable (~> 0.0.2)
  devise_security_extension!
  exception_notification (~> 4.0)
  factory_girl_rails (~> 4.5)
  faker (~> 1.4)
  figaro
  font-awesome-rails
  haml
  ice_cube (~> 0.6.8)
  jc-validates_timeliness (~> 3.1.1)
  jquery-datatables-rails (~> 3.3.0)
  jquery-rails
  launchy
  letter_opener
  paper_trail (~> 4.0.0.rc)
  paperclip (~> 4.3.0)
  paranoia (~> 2.0)
  pg
  poltergeist
  rack-timeout
  rails (~> 4.1.0)
  rails-fullcalendar-resourceviews (~> 1.6.5.7)!
  rails-jquery-autocomplete (~> 1.0.0)
  rails-settings-cached (~> 0.4.1)
  rails_12factor
  redis-rails (~> 4.0.0)
  remotipart (~> 1.2)
  rgeo
  rspec-rails (~> 3.2)
  sass-rails (~> 4.0.3)
  schedule_atts!
  sdoc (~> 0.4.0)
  selenium-webdriver
  sidekiq
  spring
  spring-commands-rspec
  therubyracer
  timecop (~> 0.8)
  translation_engine!
  uglifier (>= 1.3.0)
  unicorn
  whenever (~> 0.9.4)
  will_paginate (~> 3.0.7)

BUNDLED WITH
   1.10.6
